PATH
  remote: .
  specs:
    simple-graph (1.0.0)

GEM
  remote: http://rubygems.org/
  specs:

PLATFORMS
  ruby

DEPENDENCIES
  simple-graph!
